PATH
  remote: .
  specs:
    sub_c (0.0.1)
      hashie (= 1.1.0)

GEM
  remote: http://rubygems.org/
  specs:
    hashie (1.1.0)

PLATFORMS
  java
  ruby

DEPENDENCIES
  sub_c!
