PATH
  remote: .
  specs:
    sub_a (0.0.1)

GEM
  remote: http://rubygems.org/
  specs:
    minitest (2.11.1)

PLATFORMS
  java
  ruby

DEPENDENCIES
  minitest (= 2.11.1)
  sub_a!
